GEM
  remote: https://rubygems.vpsfree.cz/
  specs:
    filelock (1.1.1)
    gli (2.17.2)
    json (2.3.1)
    libosctl (20.09.0.build20201125185323)
      rainbow (~> 3.0.0)
      require_all (~> 2.0.0)
    osctl-repo (20.09.0.build20201125185323)
      filelock
      gli (~> 2.17.1)
      json
      libosctl (= 20.09.0.build20201125185323)
      require_all (~> 2.0.0)
    rainbow (3.0.0)
    require_all (2.0.0)

PLATFORMS
  ruby

DEPENDENCIES
  osctl-repo (= 20.09.0.build20201125185323)

BUNDLED WITH
   2.1.4
