GEM
  remote: https://rubygems.vpsfree.cz/
  specs:
    coderay (1.1.3)
    gli (2.20.1)
    method_source (1.0.0)
    pry (0.13.1)
      coderay (~> 1.1)
      method_source (~> 1.0)
    test-runner (21.11.0.build20220110153248)
      gli (~> 2.20.0)
      pry (~> 0.13.1)

PLATFORMS
  x86_64-linux

DEPENDENCIES
  test-runner (= 21.11.0.build20220110153248)

BUNDLED WITH
   2.2.24
