GEM
  remote: https://rubygems.vpsfree.cz/
  specs:
    coderay (1.1.3)
    gli (2.17.2)
    method_source (1.0.0)
    pry (0.13.1)
      coderay (~> 1.1)
      method_source (~> 1.0)
    test-runner (21.05.0.build20210628213102)
      gli (~> 2.17.1)
      pry (~> 0.13.1)

PLATFORMS
  ruby

DEPENDENCIES
  test-runner (= 21.05.0.build20210628213102)

BUNDLED WITH
   2.1.4
