GEM
  remote: https://rubygems.vpsfree.cz/
  specs:
    filelock (1.1.1)
    gli (2.17.2)
    libosctl (21.05.0.build20210628213102)
      rainbow (~> 3.0.0)
      require_all (~> 2.0.0)
    osctl-exportfs (21.05.0.build20210628213102)
      filelock
      gli (~> 2.17.1)
      libosctl (= 21.05.0.build20210628213102)
      require_all (~> 2.0.0)
    rainbow (3.0.0)
    require_all (2.0.0)

PLATFORMS
  ruby

DEPENDENCIES
  osctl-exportfs (= 21.05.0.build20210628213102)

BUNDLED WITH
   2.1.4
