GEM
  remote: https://rubygems.vpsfree.cz/
  specs:
    gli (2.17.2)
    libosctl (21.05.0.build20210617150950)
      rainbow (~> 3.0.0)
      require_all (~> 2.0.0)
    rainbow (3.0.0)
    require_all (2.0.0)
    svctl (21.05.0.build20210617150950)
      gli (~> 2.17.1)
      libosctl (= 21.05.0.build20210617150950)

PLATFORMS
  ruby

DEPENDENCIES
  svctl (= 21.05.0.build20210617150950)

BUNDLED WITH
   2.1.4
