GEM
  remote: https://rubygems.vpsfree.cz/
  specs:
    gli (2.20.1)
    libosctl (21.11.0.build20220123102916)
      rainbow (~> 3.0.0)
      require_all (~> 2.0.0)
    rainbow (3.0.0)
    require_all (2.0.0)
    svctl (21.11.0.build20220123102916)
      gli (~> 2.20.0)
      libosctl (= 21.11.0.build20220123102916)

PLATFORMS
  x86_64-linux

DEPENDENCIES
  svctl (= 21.11.0.build20220123102916)

BUNDLED WITH
   2.2.24
