GEM
  remote: https://rubygems.vpsfree.cz/
  specs:
    gli (2.17.2)
    libosctl (20.09.0.build20210529173603)
      rainbow (~> 3.0.0)
      require_all (~> 2.0.0)
    rainbow (3.0.0)
    require_all (2.0.0)
    svctl (20.09.0.build20210529173603)
      gli (~> 2.17.1)
      libosctl (= 20.09.0.build20210529173603)

PLATFORMS
  ruby

DEPENDENCIES
  svctl (= 20.09.0.build20210529173603)

BUNDLED WITH
   2.1.4
