GEM
  remote: https://rubygems.vpsfree.cz/
  specs:
    curses (1.4.2)
    filelock (1.1.1)
    gli (2.20.1)
    highline (2.0.3)
    ipaddress (0.8.3)
    json (2.5.1)
    libosctl (21.05.0.build20210629091301)
      rainbow (~> 3.0.0)
      require_all (~> 2.0.0)
    osctl (21.05.0.build20210629091301)
      curses
      gli (~> 2.20.0)
      highline (~> 2.0.3)
      ipaddress (~> 0.8.3)
      json
      libosctl (= 21.05.0.build20210629091301)
      rainbow (~> 3.0.0)
      require_all (~> 2.0.0)
      ruby-progressbar (~> 1.11.0)
    osctl-image (21.05.0.build20210629091301)
      gli (~> 2.20.0)
      json
      libosctl (= 21.05.0.build20210629091301)
      osctl (= 21.05.0.build20210629091301)
      osctl-repo (= 21.05.0.build20210629091301)
      require_all (~> 2.0.0)
    osctl-repo (21.05.0.build20210629091301)
      filelock
      gli (~> 2.20.0)
      json
      libosctl (= 21.05.0.build20210629091301)
      require_all (~> 2.0.0)
    rainbow (3.0.0)
    require_all (2.0.0)
    ruby-progressbar (1.11.0)

PLATFORMS
  ruby

DEPENDENCIES
  osctl-image (= 21.05.0.build20210629091301)

BUNDLED WITH
   2.1.4
