GEM
  remote: https://rubygems.vpsfree.cz/
  specs:
    curses (1.4.4)
    filelock (1.1.1)
    gli (2.20.1)
    highline (2.0.3)
    ipaddress (0.8.3)
    json (2.6.2)
    libosctl (21.11.0.build20220607184327)
      rainbow (~> 3.1.1)
      require_all (~> 2.0.0)
    osctl (21.11.0.build20220607184327)
      curses
      gli (~> 2.20.0)
      highline (~> 2.0.3)
      ipaddress (~> 0.8.3)
      json
      libosctl (= 21.11.0.build20220607184327)
      rainbow (~> 3.1.1)
      require_all (~> 2.0.0)
      ruby-progressbar (~> 1.11.0)
    osctl-image (21.11.0.build20220607184327)
      gli (~> 2.20.0)
      json
      libosctl (= 21.11.0.build20220607184327)
      osctl (= 21.11.0.build20220607184327)
      osctl-repo (= 21.11.0.build20220607184327)
      require_all (~> 2.0.0)
    osctl-repo (21.11.0.build20220607184327)
      filelock
      gli (~> 2.20.0)
      json
      libosctl (= 21.11.0.build20220607184327)
      require_all (~> 2.0.0)
    rainbow (3.1.1)
    require_all (2.0.0)
    ruby-progressbar (1.11.0)

PLATFORMS
  x86_64-linux

DEPENDENCIES
  osctl-image (= 21.11.0.build20220607184327)

BUNDLED WITH
   2.2.33
