GEM
  remote: https://rubygems.vpsfree.cz/
  specs:
    gli (2.17.2)
    json (2.5.1)
    libosctl (21.05.0.build20210613110110)
      rainbow (~> 3.0.0)
      require_all (~> 2.0.0)
    osup (21.05.0.build20210613110110)
      gli (~> 2.17.1)
      json
      libosctl (= 21.05.0.build20210613110110)
      require_all (~> 2.0.0)
    rainbow (3.0.0)
    require_all (2.0.0)

PLATFORMS
  ruby

DEPENDENCIES
  osup (= 21.05.0.build20210613110110)

BUNDLED WITH
   2.1.4
