GEM
  remote: https://rubygems.vpsfree.cz/
  specs:
    gli (2.20.1)
    json (2.6.1)
    libosctl (21.11.0.build20220430113746)
      rainbow (~> 3.1.1)
      require_all (~> 2.0.0)
    osup (21.11.0.build20220430113746)
      gli (~> 2.20.0)
      json
      libosctl (= 21.11.0.build20220430113746)
      require_all (~> 2.0.0)
    rainbow (3.1.1)
    require_all (2.0.0)

PLATFORMS
  x86_64-linux

DEPENDENCIES
  osup (= 21.11.0.build20220430113746)

BUNDLED WITH
   2.2.24
